GEM
  remote: https://rubygems.org/
  specs:

PLATFORMS
  arm64-darwin-22
  x64-mingw-ucrt

DEPENDENCIES

BUNDLED WITH
   2.4.10
